GEM
  remote: https://rubygems.org/
  specs:
    base64 (0.1.1)
    faraday (2.7.11)
      base64
      faraday-net_http (>= 2.0, < 3.1)
      ruby2_keywords (>= 0.0.4)
    faraday-multipart (1.0.4)
      multipart-post (~> 2)
    faraday-net_http (3.0.2)
    hashie (5.0.0)
    httparty (0.21.0)
      mini_mime (>= 1.0.0)
      multi_xml (>= 0.5.2)
    jwt (2.7.1)
    mini_mime (1.1.5)
    multi_xml (0.6.0)
    multipart-post (2.3.0)
    oauth2 (2.0.9)
      faraday (>= 0.17.3, < 3.0)
      jwt (>= 1.0, < 3.0)
      multi_xml (~> 0.5)
      rack (>= 1.2, < 4)
      snaky_hash (~> 2.0)
      version_gem (~> 1.1)
    pkg-config (1.5.5)
    rack (3.0.8)
    rmagick (5.3.0)
      pkg-config (~> 1.4)
    ruby2_keywords (0.0.5)
    snaky_hash (2.0.1)
      hashie
      version_gem (~> 1.1, >= 1.1.1)
    unsplash (3.1.1)
      faraday-multipart (~> 1.0.4)
      httparty (~> 0.20)
      oauth2 (>= 2.0.8)
    version_gem (1.1.3)

PLATFORMS
  arm64-darwin-21

DEPENDENCIES
  rmagick
  unsplash

BUNDLED WITH
   2.4.19
